GEM
  remote: https://rubygems.org/
  specs:
    faraday (0.13.1)
      multipart-post (>= 1.2, < 3)
    json (2.1.0)
    multipart-post (2.0.0)
    quotify (0.1.0)
      json

PLATFORMS
  ruby

DEPENDENCIES
  faraday
  json
  quotify

BUNDLED WITH
   1.16.1
